GEM
  remote: https://rubygems.org/
  specs:
    ethon (0.7.1)
      ffi (>= 1.3.0)
    ffi (1.9.5)
    guid (0.1.1)
    multi_json (1.10.1)
    pg (0.17.1)
    rack (1.5.2)
    rack-protection (1.5.3)
      rack
    redis (3.1.0)
    sequel (4.15.0)
    serialport (1.3.1)
    sinatra (1.4.5)
      rack (~> 1.4)
      rack-protection (~> 1.4)
      tilt (~> 1.3, >= 1.3.4)
    tilt (1.4.1)
    typhoeus (0.6.9)
      ethon (>= 0.7.1)
    yajl-ruby (1.2.1)

PLATFORMS
  ruby

DEPENDENCIES
  guid
  multi_json
  pg
  redis
  sequel
  serialport
  sinatra
  typhoeus
  yajl-ruby
